GEM
  remote: https://rubygems.org/
  specs:
    aws-sdk (1.40.0)
      json (~> 1.4)
      nokogiri (>= 1.4.4)
    capistrano (3.2.1)
      i18n
      rake (>= 10.0.0)
      sshkit (~> 1.3)
    capistrano-s3 (0.2.7)
      aws-sdk
      capistrano
      mime-types
    concurrent-ruby (1.2.3)
    i18n (1.14.4)
      concurrent-ruby (~> 1.0)
    json (1.8.1)
    maruku (0.7.1)
    mime-types (2.2)
    mini_portile2 (2.8.5)
    net-scp (1.2.1)
      net-ssh (>= 2.6.5)
    net-ssh (2.9.0)
    nokogiri (1.16.2)
      mini_portile2 (~> 2.8.2)
      racc (~> 1.4)
    racc (1.7.3)
    rake (10.3.1)
    sshkit (1.4.0)
      net-scp (>= 1.1.2)
      net-ssh (>= 2.8.0)
      term-ansicolor
    term-ansicolor (1.3.0)
      tins (~> 1.0)
    tins (1.2.0)

PLATFORMS
  ruby

DEPENDENCIES
  capistrano-s3
  maruku
  nokogiri
